PATH
  remote: .
  specs:
    HashDiff (0.0.1)

GEM
  remote: http://rubygems.org/
  specs:
    bluecloth (2.2.0)
    diff-lcs (1.1.3)
    rspec (2.10.0)
      rspec-core (~> 2.10.0)
      rspec-expectations (~> 2.10.0)
      rspec-mocks (~> 2.10.0)
    rspec-core (2.10.1)
    rspec-expectations (2.10.0)
      diff-lcs (~> 1.1.3)
    rspec-mocks (2.10.1)
    yard (0.8.1)

PLATFORMS
  ruby

DEPENDENCIES
  HashDiff!
  bluecloth
  rspec (~> 2.0)
  yard
