PATH
  remote: .
  specs:
    hashdiff (0.0.4)

GEM
  remote: http://rubygems.org/
  specs:
    bluecloth (2.2.0)
    diff-lcs (1.1.3)
    rake (0.9.2.2)
    rspec (2.10.0)
      rspec-core (~> 2.10.0)
      rspec-expectations (~> 2.10.0)
      rspec-mocks (~> 2.10.0)
    rspec-core (2.10.1)
    rspec-expectations (2.10.0)
      diff-lcs (~> 1.1.3)
    rspec-mocks (2.10.1)
    yard (0.8.1)

PLATFORMS
  ruby

DEPENDENCIES
  bluecloth
  hashdiff!
  rake
  rspec (~> 2.0)
  yard
